PATH
  remote: .
  specs:
    types (0.4.1)

GEM
  remote: https://rubygems.org/
  specs:
    diff-lcs (1.5.1)
    io-console (0.7.2)
    irb (1.12.0)
      rdoc
      reline (>= 0.4.2)
    psych (5.1.2)
      stringio
    rake (10.5.0)
    rdoc (6.6.3.1)
      psych (>= 4.0.0)
    reline (0.5.0)
      io-console (~> 0.5)
    rspec (3.13.0)
      rspec-core (~> 3.13.0)
      rspec-expectations (~> 3.13.0)
      rspec-mocks (~> 3.13.0)
    rspec-core (3.13.0)
      rspec-support (~> 3.13.0)
    rspec-expectations (3.13.0)
      diff-lcs (>= 1.2.0, < 2.0)
      rspec-support (~> 3.13.0)
    rspec-mocks (3.13.0)
      diff-lcs (>= 1.2.0, < 2.0)
      rspec-support (~> 3.13.0)
    rspec-support (3.13.1)
    stringio (3.1.0)

PLATFORMS
  ruby

DEPENDENCIES
  bundler (~> 2.5.7)
  irb
  rake (~> 10.0)
  rspec (~> 3.0)
  types!

BUNDLED WITH
   2.5.7
